GEM
  remote: https://rubygems.org/
  specs:
    awesome_print (1.0.2)
    builder (3.1.2)
    excon (0.16.2)
    fog (1.5.0)
      builder
      excon (~> 0.14)
      formatador (~> 0.2.0)
      mime-types
      multi_json (~> 1.0)
      net-scp (~> 1.0.4)
      net-ssh (>= 2.1.3)
      nokogiri (~> 1.5.0)
      ruby-hmac
    formatador (0.2.3)
    mime-types (1.19)
    multi_json (1.3.6)
    net-scp (1.0.4)
      net-ssh (>= 1.99.1)
    net-ssh (2.5.2)
    nokogiri (1.5.5)
    recursive-open-struct (0.2.1)
    ruby-hmac (0.4.0)

PLATFORMS
  ruby

DEPENDENCIES
  awesome_print
  fog
  recursive-open-struct
